GEM
  remote: https://rubygems.org/
  specs:
    connection_pool (2.3.0)
    redis (5.0.6)
      redis-client (>= 0.9.0)
    redis-client (0.12.1)
      connection_pool

PLATFORMS
  x86_64-linux

DEPENDENCIES
  redis

BUNDLED WITH
   2.4.6
